GEM
  remote: https://rubygems.org/
  specs:
    aws-sdk (2.1.10)
      aws-sdk-resources (= 2.1.10)
    aws-sdk-core (2.1.10)
      jmespath (~> 1.0)
    aws-sdk-resources (2.1.10)
      aws-sdk-core (= 2.1.10)
    bson (3.2.0)
    jmespath (1.0.2)
      multi_json (~> 1.0)
    mini_portile (0.6.2)
    mongo (2.0.6)
      bson (~> 3.0)
    multi_json (1.11.2)
    nokogiri (1.6.6.2)
      mini_portile (~> 0.6.0)
    rack (1.6.4)
    redcarpet (3.3.2)
    rubyzip (1.1.7)
    sablon (0.0.14)
      nokogiri (>= 1.6.0)
      redcarpet (>= 3.2)
      rubyzip (>= 1.1)
    sinatra (1.1.0)
      rack (~> 1.1)
      tilt (~> 1.1)
    tilt (1.4.1)

PLATFORMS
  ruby

DEPENDENCIES
  aws-sdk
  mongo (~> 2.0)
  sablon
  sinatra (= 1.1.0)

BUNDLED WITH
   1.10.6
